GIT
  remote: https://github.com/flori/json
  revision: c7a6e31f3abde6efbf0629dea68b43bebb62c94a
  branch: v1.8
  specs:
    json (1.8.5)

GEM
  remote: https://rubygems.org/
  specs:
    backports (3.11.1)
    coderay (1.1.1)
    coffee-script (2.4.1)
      coffee-script-source
      execjs
    coffee-script-source (1.12.2)
    domain_name (0.5.20161129)
      unf (>= 0.0.5, < 1.0.0)
    execjs (2.7.0)
    haml (4.0.7)
      tilt
    http-cookie (1.0.3)
      domain_name (~> 0.5)
    libv8 (3.16.14.17)
    mailgun-ruby (1.1.2)
      rest-client (~> 2.0)
    method_source (0.8.2)
    mime-types (3.1)
      mime-types-data (~> 3.2015)
    mime-types-data (3.2016.0521)
    multi_json (1.13.1)
    mustermann (1.0.2)
    netrc (0.11.0)
    pry (0.10.4)
      coderay (~> 1.1.0)
      method_source (~> 0.8.1)
      slop (~> 3.4)
    rack (2.0.4)
    rack-protection (2.0.1)
      rack
    rack-ssl (1.4.1)
      rack
    rake (12.0.0)
    ref (2.0.0)
    rest-client (2.0.0)
      http-cookie (>= 1.0.2, < 2.0)
      mime-types (>= 1.16, < 4.0)
      netrc (~> 0.8)
    sass (3.4.23)
    sinatra (2.0.1)
      mustermann (~> 1.0)
      rack (~> 2.0)
      rack-protection (= 2.0.1)
      tilt (~> 2.0)
    sinatra-contrib (2.0.1)
      backports (>= 2.0)
      multi_json
      mustermann (~> 1.0)
      rack-protection (= 2.0.1)
      sinatra (= 2.0.1)
      tilt (>= 1.3, < 3)
    slop (3.6.0)
    therubyracer (0.12.3)
      libv8 (~> 3.16.14.15)
      ref
    tilt (2.0.8)
    unf (0.1.4)
      unf_ext
    unf_ext (0.0.7.2)

PLATFORMS
  ruby

DEPENDENCIES
  coffee-script
  haml
  json!
  mailgun-ruby (~> 1.1.0)
  pry
  rack-ssl (~> 1.4)
  rake
  sass
  sinatra (~> 2.0)
  sinatra-contrib (~> 2.0)
  therubyracer

RUBY VERSION
   ruby 2.4.0p0

BUNDLED WITH
   1.16.1
